GIT
  remote: https://github.com/shardlab/discordrb.git
  revision: 2330a275d7e5a9ba523f565e29acf4955dd4659e
  branch: main
  specs:
    discordrb (3.5.0)
      base64 (~> 0.2.0)
      discordrb-webhooks (~> 3.5.0)
      ffi (>= 1.9.24)
      opus-ruby
      rest-client (>= 2.0.0)
      websocket-client-simple (>= 0.3.0)
    discordrb-webhooks (3.5.0)
      rest-client (>= 2.0.0)

GEM
  remote: https://rubygems.org/
  specs:
    base64 (0.2.0)
    domain_name (0.6.20240107)
    dotenv (3.1.4)
    event_emitter (0.2.6)
    ffi (1.17.0)
    ffi (1.17.0-aarch64-linux-gnu)
    ffi (1.17.0-aarch64-linux-musl)
    ffi (1.17.0-arm-linux-gnu)
    ffi (1.17.0-arm-linux-musl)
    ffi (1.17.0-arm64-darwin)
    ffi (1.17.0-x86-linux-gnu)
    ffi (1.17.0-x86-linux-musl)
    ffi (1.17.0-x86_64-darwin)
    ffi (1.17.0-x86_64-linux-gnu)
    ffi (1.17.0-x86_64-linux-musl)
    http-accept (1.7.0)
    http-cookie (1.0.7)
      domain_name (~> 0.5)
    logger (1.6.1)
    mime-types (3.6.0)
      logger
      mime-types-data (~> 3.2015)
    mime-types-data (3.2024.1001)
    netrc (0.11.0)
    opus-ruby (1.0.1)
      ffi
    pg (1.5.9)
    rest-client (2.1.0)
      http-accept (>= 1.7.0, < 2.0)
      http-cookie (>= 1.0.2, < 2.0)
      mime-types (>= 1.16, < 4.0)
      netrc (~> 0.8)
    websocket (1.2.11)
    websocket-client-simple (0.8.0)
      event_emitter
      websocket

PLATFORMS
  aarch64-linux-gnu
  aarch64-linux-musl
  arm-linux-gnu
  arm-linux-musl
  arm64-darwin
  ruby
  x86-linux-gnu
  x86-linux-musl
  x86_64-darwin
  x86_64-linux-gnu
  x86_64-linux-musl

DEPENDENCIES
  discordrb!
  dotenv
  pg

RUBY VERSION
   ruby 3.3.3p89

BUNDLED WITH
   2.5.22
